GEM
  remote: https://rubygems.org/
  specs:
    rake (12.3.2)

PLATFORMS
  java
  x64-mingw32

DEPENDENCIES
  rake

BUNDLED WITH
   2.0.1
